GEM
  remote: https://rubygems.org/
  specs:
    daemons (1.2.6)
    eventmachine (1.2.7)
    filewatcher (1.0.1)
      trollop (~> 2.1, >= 2.1.2)
    rack (2.0.5)
    thin (1.7.2)
      daemons (~> 1.0, >= 1.0.9)
      eventmachine (~> 1.0, >= 1.0.4)
      rack (>= 1, < 3)
    trollop (2.1.3)

PLATFORMS
  ruby

DEPENDENCIES
  filewatcher (~> 1)
  thin (~> 1.7)

BUNDLED WITH
   1.16.1
